GEM
  remote: https://rubygems.org/
  specs:
    dotenv (1.0.2)
    livejournal (0.3.10)

PLATFORMS
  ruby

DEPENDENCIES
  dotenv (~> 1.0.2)
  livejournal (~> 0.3.10)
